GEM
  remote: http://rubygems.org/
  specs:
    amatch (0.2.5)
    configuration (1.2.0)
    daemons (1.1.0)
    eventmachine (0.12.10)
    heroku (1.17.10)
      json (~> 1.4.6)
      launchy (~> 0.3.2)
      rest-client (>= 1.4.0, < 1.7.0)
    hpricot (0.8.2)
    json (1.4.6)
    launchy (0.3.7)
      configuration (>= 0.0.5)
      rake (>= 0.8.1)
    mime-types (1.16)
    rack (1.2.1)
    rake (0.8.7)
    rest-client (1.6.1)
      mime-types (>= 1.16)
    sinatra (1.1.2)
      rack (~> 1.1)
      tilt (~> 1.2)
    thin (1.2.7)
      daemons (>= 1.0.9)
      eventmachine (>= 0.12.6)
      rack (>= 1.0.0)
    tilt (1.2.2)
    wurfl-lite (1.1.0)
      amatch (>= 0.2.5)
      hpricot (>= 0.8.2, != 0.8.3)
    wurfl-lite-middleware (1.0.4)
      rack (>= 1.2.1)
      wurfl-lite (>= 1.1.0)

PLATFORMS
  ruby

DEPENDENCIES
  heroku
  sinatra
  thin
  wurfl-lite-middleware
