GEM
  remote: http://rubygems.org/
  specs:
    addressable (2.2.6)
    amatch (0.2.7)
      spruz (~> 0.2)
    daemons (1.1.0)
    eventmachine (0.12.10)
    heroku (2.6.1)
      launchy (>= 0.3.2)
      rest-client (~> 1.6.1)
      rubyzip
      term-ansicolor (~> 1.0.5)
    hpricot (0.8.4)
    launchy (2.0.5)
      addressable (~> 2.2.6)
    mime-types (1.16)
    rack (1.3.2)
    rest-client (1.6.7)
      mime-types (>= 1.16)
    rubyzip (0.9.4)
    sinatra (1.1.2)
      rack (~> 1.1)
      tilt (~> 1.2)
    spruz (0.2.13)
    term-ansicolor (1.0.6)
    thin (1.2.7)
      daemons (>= 1.0.9)
      eventmachine (>= 0.12.6)
      rack (>= 1.0.0)
    tilt (1.2.2)
    wurfl-lite (1.1.1)
      amatch (>= 0.2.5)
      hpricot (>= 0.8.2, != 0.8.3)
    wurfl-lite-middleware (1.0.5)
      rack (>= 1.2.1)
      wurfl-lite (>= 1.1.1)

PLATFORMS
  ruby

DEPENDENCIES
  heroku
  sinatra
  thin
  wurfl-lite-middleware
